GEM
  remote: https://rubygems.org/
  specs:
    rake (10.3.2)
    rgl (0.4.0)
      rake
      stream (>= 0.5)
    stream (0.5)

PLATFORMS
  ruby

DEPENDENCIES
  rgl
